PATH
  remote: .
  specs:
    museum_scraper (0.1.0)
      colorize
      httparty

GEM
  remote: https://rubygems.org/
  specs:
    colorize (0.8.1)
    httparty (0.16.2)
      multi_xml (>= 0.5.2)
    multi_xml (0.6.0)
    rake (11.3.0)

PLATFORMS
  ruby

DEPENDENCIES
  bundler (~> 1.16)
  museum_scraper!
  rake (~> 11.1, >= 11.1.2)

BUNDLED WITH
   1.16.4
