PATH
  remote: .
  specs:
    museum_scraper (0.1.0)
      colorize
      httparty (~> 0.13.7)
      multi_xml
      nokogiri
      pry

GEM
  remote: https://rubygems.org/
  specs:
    coderay (1.1.2)
    colorize (0.8.1)
    httparty (0.13.7)
      json (~> 1.8)
      multi_xml (>= 0.5.2)
    json (1.8.6)
    method_source (0.9.0)
    mini_portile2 (2.3.0)
    multi_xml (0.6.0)
    nokogiri (1.8.4)
      mini_portile2 (~> 2.3.0)
    pry (0.11.3)
      coderay (~> 1.1.0)
      method_source (~> 0.9.0)
    rake (12.3.1)

PLATFORMS
  ruby

DEPENDENCIES
  bundler (~> 1.16)
  colorize (~> 0.8.1)!
  httparty!
  json (~> 1.8.6)!
  multi_xml (~> 0.6.0)!
  museum_scraper!
  nokogiri (~> 1.8, >= 1.8.4)!
  rake (~> 12.3, >= 12.3.1)!

BUNDLED WITH
   1.16.4
