PATH
  remote: .
  specs:
    museum_scraper (0.1.0)

GEM
  remote: https://rubygems.org/
  specs:
    coderay (1.1.2)
    colorize (0.8.1)
    httparty (0.16.4)
      mime-types (~> 3.0)
      multi_xml (>= 0.5.2)
    json (1.8.6)
    method_source (0.9.2)
    mime-types (3.2.2)
      mime-types-data (~> 3.2015)
    mime-types-data (3.2018.0812)
    mini_portile2 (2.4.0)
    multi_xml (0.6.0)
    nokogiri (1.10.1)
      mini_portile2 (~> 2.4.0)
    pry (0.12.2)
      coderay (~> 1.1.0)
      method_source (~> 0.9.0)
    rake (12.3.2)

PLATFORMS
  ruby

DEPENDENCIES
  bundler (~> 1.16)
  colorize (~> 0.8.1)!
  httparty!
  json (~> 1.8.6)!
  multi_xml (~> 0.6.0)!
  museum_scraper!
  nokogiri (>= 1.8.5)!
  pry!
  rake (~> 12.3, >= 12.3.1)!

BUNDLED WITH
   1.17.3
